GEM
  remote: http://rubygems.org/
  specs:
    sass (3.1.11)
    trollop (1.16.2)
    wkpdf (0.6.0)
      trollop (>= 1.16.2)

PLATFORMS
  ruby

DEPENDENCIES
  sass
  wkpdf
