GEM
  remote: http://rubygems.org/
  specs:
    trollop (1.16.2)
    wkpdf (0.6.0)
      trollop (>= 1.16.2)

PLATFORMS
  ruby

DEPENDENCIES
  wkpdf
